GEM
  remote: http://rubygems.org/
  specs:
    ffi (1.0.11)
    fl-rocco (1.0.0)
      mustache
      redcarpet (~> 1.17)
    guard (1.0.0)
      ffi (>= 0.5.0)
      thor (~> 0.14.6)
    guard-rocco (0.0.3)
      guard (>= 0.4.0)
      rocco
    mustache (0.99.4)
    rb-fsevent (0.9.0)
    redcarpet (1.17.2)
    rocco (0.8.2)
      mustache
      redcarpet
    thor (0.14.6)

PLATFORMS
  ruby

DEPENDENCIES
  fl-rocco
  guard
  guard-rocco
  rb-fsevent
  redcarpet
